PATH
  remote: .
  specs:
    contributer (0.1.0)

GEM
  remote: https://rubygems.org/
  specs:
    httpclient (2.7.1)
    mini_portile2 (2.0.0)
    nokogiri (1.6.7.2)
      mini_portile2 (~> 2.0.0.rc2)
    rake (10.4.2)

PLATFORMS
  ruby

DEPENDENCIES
  bundler (~> 1.10)
  contributer!
  httpclient
  nokogiri
  rake (~> 10.0)

BUNDLED WITH
   1.10.6
