GEM
  remote: https://rubygems.org/
  specs:
    httpclient (2.7.1)
    mini_portile2 (2.0.0)
    nokogiri (1.6.7.2)
      mini_portile2 (~> 2.0.0.rc2)

PLATFORMS
  ruby

DEPENDENCIES
  httpclient
  nokogiri

BUNDLED WITH
   1.10.6
